GEM
  remote: https://rubygems.org/
  specs:
    httpclient (2.3.0.1)
    nokogiri (1.5.6)

PLATFORMS
  ruby

DEPENDENCIES
  httpclient (~> 2.3.0.1)
  nokogiri
